GEM
  remote: https://rubygems.org/
  specs:
    awesome_print (1.6.1)
    ffi (1.9.10)
    file-monitor (0.1.3)
      rb-inotify (>= 0.8.8)
    little-plugger (1.1.4)
    logging (2.0.0)
      little-plugger (~> 1.1)
      multi_json (~> 1.10)
    multi_json (1.11.2)
    rb-inotify (0.9.5)
      ffi (>= 0.5.0)

PLATFORMS
  ruby

DEPENDENCIES
  awesome_print (~> 1.6)
  file-monitor (~> 0.1)
  logging (~> 2.0)

BUNDLED WITH
   1.10.6
