GEM
  remote: https://rubygems.org/
  specs:
    awesome_print (1.6.1)
    ffi (1.9.10)
    file-monitor (0.1.3)
      rb-inotify (>= 0.8.8)
    osdb (0.2.1)
    rb-inotify (0.9.5)
      ffi (>= 0.5.0)

PLATFORMS
  ruby

DEPENDENCIES
  awesome_print
  file-monitor
  osdb

BUNDLED WITH
   1.10.6
